GEM
  remote: http://rubygems.org/
  specs:
    active_support (3.0.0)
      activesupport (= 3.0.0)
    activesupport (3.0.0)
    atomic (1.1.14)
    faraday (0.8.8)
      multipart-post (~> 1.2.0)
    forecast_io (2.0.0)
      faraday
      hashie
      multi_json
    hashie (2.0.5)
    multi_json (1.8.2)
    multipart-post (1.2.0)
    rack (1.5.2)
    rack-protection (1.5.1)
      rack
    sinatra (1.4.4)
      rack (~> 1.4)
      rack-protection (~> 1.4)
      tilt (~> 1.3, >= 1.3.4)
    thread_safe (0.1.3)
      atomic
    tilt (1.4.1)
    tzinfo (1.1.0)
      thread_safe (~> 0.1)

PLATFORMS
  ruby

DEPENDENCIES
  active_support
  forecast_io
  sinatra
  tzinfo
